GEM
  remote: https://rubygems.org/
  specs:
    ruby-prof (0.13.0)

PLATFORMS
  ruby

DEPENDENCIES
  ruby-prof
